PATH
  remote: .
  specs:
    safe_pusher (0.1.0)
      colorize
      fashion_police
      pronto
      pronto-rubocop
      rubocop
      thor

GEM
  remote: https://rubygems.org/
  specs:
    addressable (2.5.2)
      public_suffix (>= 2.0.2, < 4.0)
    ast (2.4.0)
    colorize (0.8.1)
    diff-lcs (1.3)
    faraday (0.11.0)
      multipart-post (>= 1.2, < 3)
    fashion_police (1.2.1)
      bundler
      rake
      rubocop (>= 0.59)
      rubocop-rspec
    gitlab (4.6.1)
      httparty (>= 0.14.0)
      terminal-table (>= 1.5.1)
    httparty (0.16.2)
      multi_xml (>= 0.5.2)
    jaro_winkler (1.5.1)
    multi_xml (0.6.0)
    multipart-post (2.0.0)
    octokit (4.13.0)
      sawyer (~> 0.8.0, >= 0.5.3)
    parallel (1.12.1)
    parser (2.5.1.2)
      ast (~> 2.4.0)
    powerpack (0.1.2)
    pronto (0.9.5)
      gitlab (~> 4.0, >= 4.0.0)
      httparty (>= 0.13.7)
      octokit (~> 4.7, >= 4.7.0)
      rainbow (~> 2.1)
      rugged (~> 0.24, >= 0.23.0)
      thor (~> 0.19.0)
    pronto-rubocop (0.9.0)
      pronto (~> 0.9.0)
      rubocop (~> 0.38, >= 0.35.0)
    public_suffix (3.0.1)
    rainbow (2.2.2)
      rake
    rake (10.5.0)
    rspec (3.7.0)
      rspec-core (~> 3.7.0)
      rspec-expectations (~> 3.7.0)
      rspec-mocks (~> 3.7.0)
    rspec-core (3.7.0)
      rspec-support (~> 3.7.0)
    rspec-expectations (3.7.0)
      diff-lcs (>= 1.2.0, < 2.0)
      rspec-support (~> 3.7.0)
    rspec-mocks (3.7.0)
      diff-lcs (>= 1.2.0, < 2.0)
      rspec-support (~> 3.7.0)
    rspec-support (3.7.0)
    rubocop (0.59.0)
      jaro_winkler (~> 1.5.1)
      parallel (~> 1.10)
      parser (>= 2.5, != 2.5.1.1)
      powerpack (~> 0.1)
      rainbow (>= 2.2.2, < 4.0)
      ruby-progressbar (~> 1.7)
      unicode-display_width (~> 1.0, >= 1.0.1)
    rubocop-rspec (1.30.0)
      rubocop (>= 0.58.0)
    ruby-progressbar (1.10.0)
    rugged (0.27.4)
    sawyer (0.8.1)
      addressable (>= 2.3.5, < 2.6)
      faraday (~> 0.8, < 1.0)
    terminal-table (1.8.0)
      unicode-display_width (~> 1.1, >= 1.1.1)
    thor (0.19.4)
    unicode-display_width (1.4.0)

PLATFORMS
  ruby

DEPENDENCIES
  bundler (~> 1.16)
  rake (~> 10.0)
  rspec (~> 3.0)
  safe_pusher!

BUNDLED WITH
   1.16.3
